GEM
  remote: https://rubygems.org/
  specs:
    ansi (1.5.0)
    builder (3.2.4)
    coderay (1.1.3)
    m (1.5.1)
      method_source (>= 0.6.7)
      rake (>= 0.9.2.2)
    method_source (1.0.0)
    mini_portile2 (2.5.0)
    minitest (5.14.4)
    minitest-implicit-subject (1.4.0)
      minitest
    minitest-reporters (1.4.3)
      ansi
      builder
      minitest (>= 5.0)
      ruby-progressbar
    multi_json (1.15.0)
    pry (0.14.0)
      coderay (~> 1.1)
      method_source (~> 1.0)
    rake (13.0.3)
    ruby-jq (0.2.1)
      mini_portile2 (>= 2.2.0)
      multi_json
    ruby-progressbar (1.11.0)

PLATFORMS
  ruby

DEPENDENCIES
  m
  minitest
  minitest-implicit-subject
  minitest-reporters
  pry
  ruby-jq

BUNDLED WITH
   2.1.4
